GEM
  remote: https://rubygems.org/
  specs:
    colored (1.2)

PLATFORMS
  arm64-darwin-23
  ruby

DEPENDENCIES
  colored

BUNDLED WITH
   2.5.19
